PATH
  remote: .
  specs:
    closeio (2.6.9)
      faraday
      faraday_middleware
      json

GEM
  remote: https://rubygems.org/
  specs:
    addressable (2.5.2)
      public_suffix (>= 2.0.2, < 4.0)
    crack (0.4.3)
      safe_yaml (~> 1.0.0)
    faraday (0.13.1)
      multipart-post (>= 1.2, < 3)
    faraday_middleware (0.12.2)
      faraday (>= 0.7.4, < 1.0)
    hashdiff (0.3.6)
    json (2.1.0)
    minitest (5.10.3)
    multipart-post (2.0.0)
    public_suffix (3.0.0)
    rake (12.0.0)
    safe_yaml (1.0.4)
    vcr (3.0.3)
    webmock (3.0.1)
      addressable (>= 2.3.6)
      crack (>= 0.3.2)
      hashdiff

PLATFORMS
  ruby

DEPENDENCIES
  bundler
  closeio!
  minitest
  rake
  vcr
  webmock

BUNDLED WITH
   1.15.4
